PATH
  remote: .
  specs:
    platon_web_payment (0.1.10)
      httparty
      russian

GEM
  remote: https://rubygems.org/
  specs:
    httparty (0.8.3)
      multi_json (~> 1.0)
      multi_xml
    i18n (0.6.0)
    multi_json (1.1.0)
    multi_xml (0.5.1)
    russian (0.6.0)
      i18n (>= 0.5.0)

PLATFORMS
  ruby

DEPENDENCIES
  platon_web_payment!
