PATH
  remote: .
  specs:
    platon_web_payment (0.1.11)
      httparty
      russian

GEM
  remote: https://rubygems.org/
  specs:
    httparty (0.9.0)
      multi_json (~> 1.0)
      multi_xml
    i18n (0.6.1)
    multi_json (1.3.6)
    multi_xml (0.5.1)
    rake (0.9.2.2)
    russian (0.6.0)
      i18n (>= 0.5.0)

PLATFORMS
  ruby

DEPENDENCIES
  platon_web_payment!
  rake
